GEM
  remote: https://rubygems.org/
  specs:
    base64 (0.1.0)
    cgi (0.3.1)
    httparty (0.18.1)
      mime-types (~> 3.0)
      multi_xml (>= 0.5.2)
    mime-types (3.3.1)
      mime-types-data (~> 3.2015)
    mime-types-data (3.2021.0225)
    multi_xml (0.6.0)

PLATFORMS
  x64-mingw32
  x86_64-linux

DEPENDENCIES
  base64 (~> 0.1.0)
  cgi (~> 0.3.1)
  httparty (~> 0.18.1)

BUNDLED WITH
   2.2.15
