GEM
  remote: https://rubygems.org/
  specs:
    base64 (0.1.0)
    cgi (0.2.1)
    httparty (0.21.0)
      mini_mime (>= 1.0.0)
      multi_xml (>= 0.5.2)
    mini_mime (1.1.2)
    multi_xml (0.6.0)

PLATFORMS
  x64-mingw32
  x86_64-linux

DEPENDENCIES
  base64 (~> 0.1.0)
  cgi (~> 0.2.1)
  httparty (~> 0.21.0)

BUNDLED WITH
   2.2.15
